GEM
  remote: http://rubygems.org/
  specs:
    kramdown (1.9.0)
    puma (2.16.0)
    rack (1.5.5)

PLATFORMS
  ruby

DEPENDENCIES
  kramdown
  puma
  rack (~> 1.5.2)

BUNDLED WITH
   1.10.6
