GEM
  remote: http://rubygems.org/
  specs:
    github-markdown (0.6.9)
    puma (2.16.0)
    rack (1.5.5)

PLATFORMS
  ruby

DEPENDENCIES
  github-markdown (~> 0.6.9)
  puma
  rack (~> 1.5.2)

BUNDLED WITH
   1.10.6
